GEM
  remote: https://rubygems.org/
  specs:
    ffi (1.9.14)
    httparty (0.14.0)
      multi_xml (>= 0.5.2)
    json (2.0.3)
    listen (3.1.5)
      rb-fsevent (~> 0.9, >= 0.9.4)
      rb-inotify (~> 0.9, >= 0.9.7)
      ruby_dep (~> 1.2)
    multi_xml (0.6.0)
    puma (3.4.0)
    rack (1.6.4)
    rack-protection (1.5.3)
      rack
    rb-fsevent (0.9.8)
    rb-inotify (0.9.7)
      ffi (>= 0.5.0)
    rerun (0.11.0)
      listen (~> 3.0)
    ruby_dep (1.5.0)
    sequel (4.44.0)
    sinatra (1.4.7)
      rack (~> 1.5)
      rack-protection (~> 1.4)
      tilt (>= 1.3, < 3)
    sqlite3 (1.3.13)
    tilt (2.0.2)

PLATFORMS
  ruby

DEPENDENCIES
  httparty
  json (~> 2.0.3)
  puma
  rerun
  sequel
  sinatra
  sqlite3 (~> 1.3.13)

BUNDLED WITH
   1.14.6
