GEM
  remote: https://rubygems.org/
  specs:
    ffi (1.9.14)
    json (1.8.1)
    listen (3.1.5)
      rb-fsevent (~> 0.9, >= 0.9.4)
      rb-inotify (~> 0.9, >= 0.9.7)
      ruby_dep (~> 1.2)
    mysql2 (0.4.5)
    puma (3.4.0)
    rack (1.6.4)
    rack-protection (1.5.3)
      rack
    rb-fsevent (0.9.8)
    rb-inotify (0.9.7)
      ffi (>= 0.5.0)
    rerun (0.11.0)
      listen (~> 3.0)
    ruby_dep (1.5.0)
    sinatra (1.4.7)
      rack (~> 1.5)
      rack-protection (~> 1.4)
      tilt (>= 1.3, < 3)
    tilt (2.0.2)

PLATFORMS
  ruby

DEPENDENCIES
  json
  mysql2
  puma
  rerun
  sinatra

BUNDLED WITH
   1.13.6
